GEM
  remote: https://rubygems.org/
  specs:
    Ascii85 (1.0.2)
    afm (0.2.2)
    ansi (1.4.3)
    builder (3.2.2)
    hashery (2.1.1)
    minitest (5.4.1)
    minitest-reporters (1.0.5)
      ansi
      builder
      minitest (>= 5.0)
      ruby-progressbar
    pdf-reader (1.3.3)
      Ascii85 (~> 1.0.0)
      afm (~> 0.2.0)
      hashery (~> 2.0)
      ruby-rc4
      ttfunk
    prawn (0.12.0)
      pdf-reader (>= 0.9.0)
      ttfunk (~> 1.0.2)
    rake (10.3.2)
    ruby-progressbar (1.5.1)
    ruby-rc4 (0.1.5)
    thor (0.19.1)
    ttfunk (1.0.3)

PLATFORMS
  ruby

DEPENDENCIES
  minitest-reporters (~> 1.0.5)
  prawn (~> 0.12.0)
  rake
  thor (~> 0.19.1)
