GEM
  remote: https://rubygems.org/
  specs:
    pdf-core (0.2.5)
    prawn (1.2.1)
      pdf-core (~> 0.2.5)
      ttfunk (~> 1.2.0)
    rake (10.3.2)
    thor (0.19.1)
    ttfunk (1.2.2)

PLATFORMS
  ruby

DEPENDENCIES
  prawn (~> 1.2.1)
  rake
  thor (~> 0.19.1)
