GEM
  remote: https://rubygems.org/
  specs:
    ansi (1.4.3)
    builder (3.2.2)
    minitest (5.4.1)
    minitest-reporters (1.0.5)
      ansi
      builder
      minitest (>= 5.0)
      ruby-progressbar
    pdf-core (0.2.5)
    prawn (1.2.1)
      pdf-core (~> 0.2.5)
      ttfunk (~> 1.2.0)
    rake (10.3.2)
    ruby-progressbar (1.5.1)
    thor (0.19.1)
    ttfunk (1.2.2)

PLATFORMS
  ruby

DEPENDENCIES
  minitest-reporters
  prawn (~> 1.2.1)
  rake
  thor (~> 0.19.1)
